PATH
  remote: .
  specs:
    one_drive (0.0.2)

GEM
  remote: https://rubygems.org/
  specs:
    activesupport (5.2.0)
      concurrent-ruby (~> 1.0, >= 1.0.2)
      i18n (>= 0.7, < 2)
      minitest (~> 5.1)
      tzinfo (~> 1.1)
    addressable (2.5.2)
      public_suffix (>= 2.0.2, < 4.0)
    aruba (0.14.5)
      childprocess (>= 0.6.3, < 0.10.0)
      contracts (~> 0.9)
      cucumber (>= 1.3.19)
      ffi (~> 1.9.10)
      rspec-expectations (>= 2.99)
      thor (~> 0.19)
    backports (3.11.3)
    builder (3.2.3)
    capybara (3.2.1)
      addressable
      mini_mime (>= 0.1.3)
      nokogiri (~> 1.8)
      rack (>= 1.6.0)
      rack-test (>= 0.6.3)
      xpath (~> 3.1)
    childprocess (0.9.0)
      ffi (~> 1.0, >= 1.0.11)
    concurrent-ruby (1.0.5)
    contracts (0.16.0)
    cucumber (3.1.1)
      builder (>= 2.1.2)
      cucumber-core (~> 3.1.0)
      cucumber-expressions (~> 6.0.0)
      cucumber-wire (~> 0.0.1)
      diff-lcs (~> 1.3)
      gherkin (~> 5.1.0)
      multi_json (>= 1.7.5, < 2.0)
      multi_test (>= 0.1.2)
    cucumber-core (3.1.0)
      backports (>= 3.8.0)
      cucumber-tag_expressions (~> 1.1.0)
      gherkin (>= 5.0.0)
    cucumber-expressions (6.0.1)
    cucumber-tag_expressions (1.1.1)
    cucumber-wire (0.0.1)
    diff-lcs (1.3)
    ffi (1.9.25)
    gherkin (5.1.0)
    httparty (0.16.2)
      multi_xml (>= 0.5.2)
    i18n (1.0.1)
      concurrent-ruby (~> 1.0)
    json (2.1.0)
    mini_mime (1.0.0)
    mini_portile2 (2.3.0)
    minitest (5.11.3)
    multi_json (1.13.1)
    multi_test (0.1.2)
    multi_xml (0.6.0)
    nokogiri (1.8.3)
      mini_portile2 (~> 2.3.0)
    power_assert (1.1.2)
    public_suffix (3.0.2)
    rack (2.0.5)
    rack-test (1.0.0)
      rack (>= 1.0, < 3)
    rake (12.3.1)
    rspec-expectations (3.7.0)
      diff-lcs (>= 1.2.0, < 2.0)
      rspec-support (~> 3.7.0)
    rspec-support (3.7.1)
    test-unit (3.2.8)
      power_assert
    test-unit-capybara (1.0.6)
      capybara (>= 2.1.0)
      json
      test-unit (>= 2.5.3)
    thor (0.20.0)
    thread_safe (0.3.6)
    tzinfo (1.2.5)
      thread_safe (~> 0.1)
    xpath (3.1.0)
      nokogiri (~> 1.8)

PLATFORMS
  ruby

DEPENDENCIES
  activesupport (> 4.0.13)
  aruba
  bundler (>= 1.11)
  cucumber
  httparty
  minitest
  one_drive!
  rake
  test-unit
  test-unit-capybara

BUNDLED WITH
   1.16.1
